GIT
  remote: git@github.com:awesome-print/awesome_print.git
  revision: 4564fd74721562cbef2443f7d97109bf9192343d
  specs:
    awesome_print (1.8.0)

GEM
  remote: https://rubygems.org/
  specs:
<<<<<<< HEAD
    addressable (2.3.8)
    coderay (1.1.2)
    diff-lcs (1.3)
    faraday (0.9.2)
      multipart-post (>= 1.2, < 3)
    hashie (4.0.0)
    method_source (0.9.2)
    multipart-post (2.1.1)
    octokit (2.7.2)
      sawyer (~> 0.5.2)
    pry (0.12.2)
      coderay (~> 1.1.0)
      method_source (~> 0.9.0)
    rack (1.6.12)
    rack-protection (1.5.5)
=======
    coderay (1.1.2)
    diff-lcs (1.3)
    method_source (0.9.2)
    mustermann (1.1.1)
      ruby2_keywords (~> 0.0.1)
    pry (0.12.2)
      coderay (~> 1.1.0)
      method_source (~> 0.9.0)
    rack (2.1.1)
    rack-protection (2.0.8.1)
>>>>>>> d8884ae609fc2d51de012577aee7de01ec1d9f7c
      rack
    rspec (3.9.0)
      rspec-core (~> 3.9.0)
      rspec-expectations (~> 3.9.0)
      rspec-mocks (~> 3.9.0)
    rspec-core (3.9.1)
      rspec-support (~> 3.9.1)
    rspec-expectations (3.9.0)
      diff-lcs (>= 1.2.0, < 2.0)
      rspec-support (~> 3.9.0)
    rspec-mocks (3.9.1)
      diff-lcs (>= 1.2.0, < 2.0)
      rspec-support (~> 3.9.0)
    rspec-support (3.9.2)
<<<<<<< HEAD
    sawyer (0.5.5)
      addressable (~> 2.3.5)
      faraday (~> 0.8, < 0.10)
    sinatra (1.4.4)
      rack (~> 1.4)
      rack-protection (~> 1.4)
      tilt (~> 1.3, >= 1.3.4)
    tilt (1.4.1)
=======
    ruby2_keywords (0.0.2)
    sinatra (2.0.8.1)
      mustermann (~> 1.0)
      rack (~> 2.0)
      rack-protection (= 2.0.8.1)
      tilt (~> 2.0)
    tilt (2.0.10)
>>>>>>> d8884ae609fc2d51de012577aee7de01ec1d9f7c

PLATFORMS
  ruby

DEPENDENCIES
<<<<<<< HEAD
  awesome_print!
  hashie
  octokit (~> 2.0)
  pry
  rspec
  sinatra (= 1.4.4)
=======
  pry
  rspec
  sinatra
>>>>>>> d8884ae609fc2d51de012577aee7de01ec1d9f7c

BUNDLED WITH
   2.0.1
